PATH
  remote: .
  specs:
    ExchangeRate (0.1.0)
      xml-simple (~> 1.1.5)

GEM
  remote: https://rubygems.org/
  specs:
    ast (2.4.0)
    coderay (1.1.2)
    method_source (0.8.2)
    minitest (5.11.3)
    parser (2.5.1.0)
      ast (~> 2.4.0)
    powerpack (0.1.2)
    pry (0.10.4)
      coderay (~> 1.1.0)
      method_source (~> 0.8.1)
      slop (~> 3.4)
    rainbow (2.2.2)
      rake
    rake (10.5.0)
    rubocop (0.39.0)
      parser (>= 2.3.0.7, < 3.0)
      powerpack (~> 0.1)
      rainbow (>= 1.99.1, < 3.0)
      ruby-progressbar (~> 1.7)
      unicode-display_width (~> 1.0, >= 1.0.1)
    ruby-progressbar (1.9.0)
    slop (3.6.0)
    unicode-display_width (1.4.0)
    xml-simple (1.1.5)

PLATFORMS
  ruby

DEPENDENCIES
  ExchangeRate!
  bundler (~> 1.16)
  minitest (~> 5.0)
  pry (~> 0.10.4)
  rake (~> 10.0)
  rubocop (~> 0.39.0)

BUNDLED WITH
   1.16.2
